FRAMEWORK: >= NET40
NUGET
  remote: https://www.nuget.org/api/v2
    Newtonsoft.Json (9.0.1)
    NUnit (3.4.1)
