FRAMEWORK: >= NET40
NUGET
  remote: https://www.nuget.org/api/v2
    DotLiquid (2.0.64)
    FAKE (4.50)
    FSharp.Compiler.Service (9.0.1)
      System.Collections.Immutable (>= 1.2)
      System.Reflection.Metadata (>= 1.4.1-beta-24227-04)
    FSharp.Compiler.Tools (4.0.1.20)
    FSharp.Core (4.0.0.1)
    FSharp.Data (2.3.2)
    Newtonsoft.Json (9.0.1)
    Suave (2.0.2)
      FSharp.Core (>= 4.0.0.1)
    Suave.DotLiquid (2.0.2)
      DotLiquid (>= 2.0.64)
      FSharp.Core (>= 4.0.0.1)
      Suave (>= 2.0.2)
    System.Collections.Immutable (1.3.1)
    System.Reflection.Metadata (1.4.2)
      System.Collections.Immutable (>= 1.3.1) - framework: >= net45
